GIT
  remote: https://github.com/Asquera/elasticsearch-rake-tasks.git
  revision: bdb85aa0841a291f5b626789c1bf62529c8c2c77
  specs:
    elasticsearch-rake-tasks (0.0.1)
      activesupport (~> 3.2.0)
      eson (~> 0.8)
      eson-more (~> 0.8)
      faraday (~> 0.8.11)
      net-http-persistent (~> 2.9.4)
      psych-inherit-file (~> 1.0)

PATH
  remote: .
  specs:
    dataset (0.0.1)
      elasticsearch (~> 1.1)
      virtus (~> 1.0)

GEM
  remote: https://rubygems.org/
  specs:
    activesupport (3.2.22.5)
      i18n (~> 0.6, >= 0.6.4)
      multi_json (~> 1.0)
    addressable (2.4.0)
    axiom-types (0.1.1)
      descendants_tracker (~> 0.0.4)
      ice_nine (~> 0.11.0)
      thread_safe (~> 0.3, >= 0.3.1)
    coercible (1.0.0)
      descendants_tracker (~> 0.0.1)
    descendants_tracker (0.0.4)
      thread_safe (~> 0.3, >= 0.3.1)
    elasticsearch (1.1.0)
      elasticsearch-api (= 1.1.0)
      elasticsearch-transport (= 1.1.0)
    elasticsearch-api (1.1.0)
      multi_json
    elasticsearch-transport (1.1.0)
      faraday
      multi_json
    equalizer (0.0.11)
    eson (0.8.0)
      eson-core (= 0.8.0)
      eson-dsl (= 0.8.0)
      eson-http (= 0.8.0)
    eson-core (0.8.0)
      multi_json
    eson-dsl (0.8.0)
    eson-http (0.8.0)
      addressable
      eson-core
      faraday (~> 0.8.0)
      net-http-persistent
    eson-more (0.8.0)
      eson-core
    faraday (0.8.11)
      multipart-post (~> 1.2.0)
    i18n (0.7.0)
    ice_nine (0.11.2)
    multi_json (1.12.1)
    multipart-post (1.2.0)
    net-http-persistent (2.9.4)
    psych-inherit-file (1.0.0)
    rake (10.4.2)
    thread_safe (0.3.5)
    virtus (1.0.5)
      axiom-types (~> 0.1)
      coercible (~> 1.0)
      descendants_tracker (~> 0.0, >= 0.0.3)
      equalizer (~> 0.0, >= 0.0.9)

PLATFORMS
  ruby

DEPENDENCIES
  bundler (~> 1.6)
  dataset!
  elasticsearch-rake-tasks!
  rake (~> 10.0)

BUNDLED WITH
   1.13.6
